GEM
  remote: https://rubygems.org/
  specs:
    kss (0.5.0)
    rack (1.5.2)
    rack-protection (1.5.3)
      rack
    sass (3.3.11)
    sinatra (1.3.6)
      rack (~> 1.4)
      rack-protection (~> 1.3)
      tilt (~> 1.3, >= 1.3.3)
    tilt (1.4.1)

PLATFORMS
  ruby

DEPENDENCIES
  kss (~> 0.5.0)
  sass
  sinatra (~> 1.3.1)
